GIT
  remote: https://github.com/zzhaobraze/html-extractor
  revision: fc845f3b388092c04e2b28bd2343ad5fe3c28000
  branch: master
  specs:
    algolia_html_extractor (2.6.1c)
      json (~> 2.0)
      nokogiri (>= 1.13.2)

GIT
  remote: https://github.com/zzhaobraze/jekyll-algolia
  revision: 07d7c7b5bee3601b2e55badeb0da59a77451366a
  branch: master
  specs:
    jekyll-algolia (1.6.0)
      algoliasearch (= 1.26.1)
      filesize (~> 0.1)
      jekyll (>= 3.6, < 5.0)
      json (~> 2.0)
      nokogiri (>= 1.13.2)
      progressbar (~> 1.9)
      verbal_expressions (~> 0.1.5)

GIT
  remote: https://github.com/zzhaobraze/rack-reverse-proxy
  revision: cca71f7438110e923deee3b3ce1c0dba4bf8e3b8
  branch: master
  specs:
    rack-reverse-proxy (1.0.0.pre.unreleased)
      rack (>= 1.0.0)
      rack-proxy (~> 0.6, >= 0.6.1)

GEM
  remote: https://rubygems.org/
  specs:
    addressable (2.8.6)
      public_suffix (>= 2.0.2, < 6.0)
    algoliasearch (1.26.1)
      httpclient (~> 2.8, >= 2.8.3)
      json (>= 1.5.1)
    base64 (0.2.0)
    bigdecimal (3.1.8)
    colorator (1.1.0)
    concurrent-ruby (1.3.1)
    em-websocket (0.5.3)
      eventmachine (>= 0.12.9)
      http_parser.rb (~> 0)
    eventmachine (1.2.7)
    execjs (2.9.1)
    ffi (1.16.3)
    filesize (0.2.0)
    forwardable-extended (2.6.0)
    google-protobuf (4.27.0)
      bigdecimal
      rake (>= 13)
    http_parser.rb (0.8.0)
    httpclient (2.8.3)
    i18n (1.14.5)
      concurrent-ruby (~> 1.0)
    jekyll (4.3.3)
      addressable (~> 2.4)
      colorator (~> 1.0)
      em-websocket (~> 0.5)
      i18n (~> 1.0)
      jekyll-sass-converter (>= 2.0, < 4.0)
      jekyll-watch (~> 2.0)
      kramdown (~> 2.3, >= 2.3.1)
      kramdown-parser-gfm (~> 1.0)
      liquid (~> 4.0)
      mercenary (>= 0.3.6, < 0.5)
      pathutil (~> 0.9)
      rouge (>= 3.0, < 5.0)
      safe_yaml (~> 1.0)
      terminal-table (>= 1.8, < 4.0)
      webrick (~> 1.7)
    jekyll-sass-converter (3.0.0)
      sass-embedded (~> 1.54)
    jekyll-watch (2.2.1)
      listen (~> 3.0)
    jekyll_asset_pipeline (0.6.2)
      jekyll (>= 3.5, < 5.0)
      liquid (~> 4.0)
    json (2.7.2)
    kramdown (2.4.0)
      rexml
    kramdown-parser-gfm (1.1.0)
      kramdown (~> 2.0)
    liquid (4.0.4)
    listen (3.9.0)
      rb-fsevent (~> 0.10, >= 0.10.3)
      rb-inotify (~> 0.9, >= 0.9.10)
    mercenary (0.4.0)
    mini_portile2 (2.8.6)
    mustermann (3.0.0)
      ruby2_keywords (~> 0.0.1)
    nio4r (2.7.3)
    nokogiri (1.16.5)
      mini_portile2 (~> 2.8.2)
      racc (~> 1.4)
    pathutil (0.16.2)
      forwardable-extended (~> 2.6)
    progressbar (1.13.0)
    public_suffix (5.0.5)
    puma (6.4.2)
      nio4r (~> 2.0)
    racc (1.8.0)
    rack (3.0.11)
    rack-jekyll (0.3.5)
      jekyll
      rack
    rack-protection (4.0.0)
      base64 (>= 0.1.0)
      rack (>= 3.0.0, < 4)
    rack-proxy (0.7.7)
      rack
    rack-rewrite (1.5.1)
    rack-session (2.0.0)
      rack (>= 3.0.0)
    rackup (2.1.0)
      rack (>= 3)
      webrick (~> 1.8)
    rake (13.2.1)
    rb-fsevent (0.11.2)
    rb-inotify (0.11.1)
      ffi (~> 1.0)
    rexml (3.2.8)
      strscan (>= 3.0.9)
    rouge (4.2.1)
    ruby2_keywords (0.0.5)
    safe_yaml (1.0.5)
    sass-embedded (1.77.3)
      google-protobuf (>= 3.25, < 5.0)
      rake (>= 13)
    sassc (2.4.0)
      ffi (~> 1.9)
    sinatra (4.0.0)
      mustermann (~> 3.0)
      rack (>= 3.0.0, < 4)
      rack-protection (= 4.0.0)
      rack-session (>= 2.0.0, < 3)
      tilt (~> 2.0)
    strscan (3.1.0)
    terminal-table (3.0.2)
      unicode-display_width (>= 1.1.1, < 3)
    tilt (2.3.0)
    uglifier (4.2.0)
      execjs (>= 0.3.0, < 3)
    unicode-display_width (2.5.0)
    verbal_expressions (0.1.5)
    webrick (1.8.1)

PLATFORMS
  ruby

DEPENDENCIES
  algolia_html_extractor!
  jekyll (~> 4.3.3)
  jekyll-algolia (~> 1.0)!
  jekyll_asset_pipeline
  kramdown (>= 2.4)
  kramdown-parser-gfm
  puma
  rack
  rack-jekyll
  rack-reverse-proxy!
  rack-rewrite
  rackup (~> 2.1)
  rake
  rouge
  sassc
  sinatra
  uglifier

RUBY VERSION
   ruby 3.3.0p0

BUNDLED WITH
   2.5.6
